GEM
  remote: https://rubygems.org/
  specs:
    activesupport (4.2.10)
      i18n (~> 0.7)
      minitest (~> 5.1)
      thread_safe (~> 0.3, >= 0.3.4)
      tzinfo (~> 1.1)
    addressable (2.5.2)
      public_suffix (>= 2.0.2, < 4.0)
    aws-sdk (2.10.82)
      aws-sdk-resources (= 2.10.82)
    aws-sdk-core (2.10.82)
      aws-sigv4 (~> 1.0)
      jmespath (~> 1.0)
    aws-sdk-resources (2.10.82)
      aws-sdk-core (= 2.10.82)
    aws-sigv4 (1.0.2)
    concurrent-ruby (1.0.5)
    hashie (3.3.2)
    i18n (0.9.1)
      concurrent-ruby (~> 1.0)
    jmespath (1.3.1)
    json (1.8.6)
    json-schema (2.8.0)
      addressable (>= 2.4)
    lambda_wrap (1.0.2)
      activesupport (~> 4)
      aws-sdk (~> 2)
    mail (2.7.0)
      mini_mime (>= 0.1.1)
    mime-types (3.1)
      mime-types-data (~> 3.2015)
    mime-types-data (3.2016.0521)
    mini_mime (1.0.0)
    mini_portile2 (2.3.0)
    minitest (5.10.3)
    nokogiri (1.8.1-x64-mingw32)
      mini_portile2 (~> 2.3.0)
    nokogiri (1.8.1-x86-mingw32)
      mini_portile2 (~> 2.3.0)
    public_suffix (3.0.1)
    rake (12.2.1)
    rubyzip (1.2.1)
    swagger-core (0.3.0)
      addressable (~> 2.3)
      hashie (~> 3.0, < 3.4.0)
      json-schema (~> 2.2)
      mime-types
    thread_safe (0.3.6)
    tzinfo (1.2.4)
      thread_safe (~> 0.1)

PLATFORMS
  x64-mingw32
  x86-mingw32

DEPENDENCIES
  activesupport (~> 4.2, >= 4.2.8)!
  aws-sdk (~> 2)!
  json (~> 1)!
  lambda_wrap (~> 1)!
  mail!
  nokogiri!
  rake (>= 11)!
  rubyzip (~> 1.2)!
  swagger-core!

BUNDLED WITH
   1.16.0
